GEM
  remote: https://rubygems.org/
  specs:
    activesupport (4.1.7)
      i18n (~> 0.6, >= 0.6.9)
      json (~> 1.7, >= 1.7.7)
      minitest (~> 5.1)
      thread_safe (~> 0.1)
      tzinfo (~> 1.1)
    ast (2.0.0)
    astrolabe (1.3.0)
      parser (>= 2.2.0.pre.3, < 3.0)
    builder (3.2.2)
    childprocess (0.5.5)
      ffi (~> 1.0, >= 1.0.11)
    cucumber (1.3.17)
      builder (>= 2.1.2)
      diff-lcs (>= 1.1.3)
      gherkin (~> 2.12)
      multi_json (>= 1.7.5, < 2.0)
      multi_test (>= 0.1.1)
    data_magic (0.20)
      faker (>= 1.1.2)
      yml_reader (>= 0.4)
    diff-lcs (1.2.5)
    domain_name (0.5.22)
      unf (>= 0.0.5, < 1.0.0)
    faker (1.4.3)
      i18n (~> 0.5)
    faraday (0.9.0)
      multipart-post (>= 1.2, < 3)
    faraday-cookie_jar (0.0.6)
      faraday (>= 0.7.4)
      http-cookie (~> 1.0.0)
    ffi (1.9.6)
    ffi (1.9.6-x86-mingw32)
    gherkin (2.12.2)
      multi_json (~> 1.3)
    gherkin (2.12.2-x86-mingw32)
      multi_json (~> 1.3)
    headless (1.0.2)
    http-cookie (1.0.2)
      domain_name (~> 0.5)
    i18n (0.6.11)
    json (1.8.1)
    mediawiki_api (0.3.0)
      faraday (~> 0.9, >= 0.9.0)
      faraday-cookie_jar (~> 0.0, >= 0.0.6)
    mediawiki_selenium (0.4.0)
      cucumber (~> 1.3, >= 1.3.10)
      headless (~> 1.0, >= 1.0.1)
      json (~> 1.8, >= 1.8.1)
      mediawiki_api (~> 0.2, >= 0.2.1)
      page-object (~> 1.0)
      rest-client (~> 1.6, >= 1.6.7)
      rspec-expectations (~> 2.14, >= 2.14.4)
      syntax (~> 1.2, >= 1.2.0)
    mime-types (2.4.3)
    minitest (5.4.2)
    multi_json (1.10.1)
    multi_test (0.1.1)
    multipart-post (2.0.0)
    netrc (0.8.0)
    page-object (1.0.2)
      page_navigation (>= 0.9)
      selenium-webdriver (>= 2.42.0)
      watir-webdriver (>= 0.6.9)
    page_navigation (0.9)
      data_magic (>= 0.14)
    parallel (1.3.3)
    parallel_tests (1.0.7)
      parallel
    parser (2.2.0.pre.6)
      ast (>= 1.1, < 3.0)
      slop (~> 3.4, >= 3.4.5)
    powerpack (0.0.9)
    rainbow (2.0.0)
    require_all (1.3.2)
    rest-client (1.7.2)
      mime-types (>= 1.16, < 3.0)
      netrc (~> 0.7)
    rest-client (1.7.2-x86-mingw32)
      ffi (~> 1.9)
      mime-types (>= 1.16, < 3.0)
      netrc (~> 0.7)
    rspec-expectations (2.99.2)
      diff-lcs (>= 1.1.3, < 2.0)
    rubocop (0.27.0)
      astrolabe (~> 1.3)
      parser (>= 2.2.0.pre.6, < 3.0)
      powerpack (~> 0.0.6)
      rainbow (>= 1.99.1, < 3.0)
      ruby-progressbar (~> 1.4)
    ruby-progressbar (1.6.1)
    rubyzip (1.1.6)
    selenium-webdriver (2.43.0)
      childprocess (~> 0.5)
      multi_json (~> 1.0)
      rubyzip (~> 1.0)
      websocket (~> 1.0)
    slop (3.6.0)
    syntax (1.2.0)
    thread_safe (0.3.4)
    tzinfo (1.2.2)
      thread_safe (~> 0.1)
    unf (0.1.4)
      unf_ext
    unf_ext (0.0.6)
    unf_ext (0.0.6-x86-mingw32)
    watir-webdriver (0.6.11)
      selenium-webdriver (>= 2.18.0)
    websocket (1.2.1)
    yml_reader (0.4)

PLATFORMS
  ruby
  x86-mingw32

DEPENDENCIES
  activesupport
  mediawiki_selenium
  parallel_tests
  require_all
  rubocop
